GEM
  remote: https://rubygems.org/
  specs:
    mini_magick (4.11.0)

PLATFORMS
  x64-mingw32

DEPENDENCIES
  mini_magick

BUNDLED WITH
   2.1.4
